GIT
  remote: https://github.com/Nexmo/nexmo-developer.git
  revision: 2a0f6e44620d5fde9edbfdbc587c5168ffe1071c
  branch: gemified
  specs:
    nexmo-developer (0.0.1)

GEM
  remote: https://rubygems.org/
  specs:

PLATFORMS
  ruby

DEPENDENCIES
  nexmo-developer!

BUNDLED WITH
   2.1.4
